GEM
  remote: https://rubygems.org/
  specs:
    actionpack (3.2.3)
      activemodel (= 3.2.3)
      activesupport (= 3.2.3)
      builder (~> 3.0.0)
      erubis (~> 2.7.0)
      journey (~> 1.0.1)
      rack (~> 1.4.0)
      rack-cache (~> 1.2)
      rack-test (~> 0.6.1)
      sprockets (~> 2.1.2)
    activemodel (3.2.3)
      activesupport (= 3.2.3)
      builder (~> 3.0.0)
    activesupport (3.2.3)
      i18n (~> 0.6)
      multi_json (~> 1.0)
    bouncy-castle-java (1.5.0146.1)
    builder (3.0.0)
    coderay (1.0.6)
    erubis (2.7.0)
    ffi (1.0.11-java)
    guard (1.0.2)
      ffi (>= 0.5.0)
      thor (~> 0.14.6)
    guard-ctags-bundler (0.0.5)
      guard (>= 0.4.0)
    guard-minitest (0.5.0)
      guard (>= 0.4)
    hike (1.2.1)
    i18n (0.6.0)
    journey (1.0.3)
    jruby-openssl (0.7.6.1)
      bouncy-castle-java (>= 1.5.0146.1)
    json (1.7.0-java)
    method_source (0.7.1)
    minitest (2.12.1)
    multi_json (1.3.4)
    neo4j (2.0.0.rc2-java)
      activemodel (>= 3.0.0, < 3.3)
      neo4j-wrapper (= 2.0.0.rc2)
      orm_adapter (>= 0.0.3)
      railties (>= 3.0.0, < 3.3)
    neo4j-community (1.7.0-java)
    neo4j-core (2.0.0.rc2-java)
      neo4j-community (>= 1.7.0)
    neo4j-wrapper (2.0.0.rc2-java)
      neo4j-core (= 2.0.0.rc2)
    orm_adapter (0.0.7)
    pry (0.9.9.4-java)
      coderay (~> 1.0.5)
      method_source (~> 0.7.1)
      slop (>= 2.4.4, < 3)
      spoon (~> 0.0)
    rack (1.4.1)
    rack-cache (1.2)
      rack (>= 0.4)
    rack-ssl (1.3.2)
      rack
    rack-test (0.6.1)
      rack (>= 1.0)
    railties (3.2.3)
      actionpack (= 3.2.3)
      activesupport (= 3.2.3)
      rack-ssl (~> 1.3.2)
      rake (>= 0.8.7)
      rdoc (~> 3.4)
      thor (~> 0.14.6)
    rake (0.9.2.2)
    rdoc (3.12)
      json (~> 1.4)
    ruby_gntp (0.3.4)
    slop (2.4.4)
    spoon (0.0.1)
    sprockets (2.1.3)
      hike (~> 1.2)
      rack (~> 1.0)
      tilt (~> 1.1, != 1.3.0)
    thor (0.14.6)
    tilt (1.3.3)

PLATFORMS
  java

DEPENDENCIES
  guard
  guard-ctags-bundler
  guard-minitest
  jruby-openssl
  minitest (~> 2.12.1)
  neo4j (~> 2.0.0.alpha.9)
  orm_adapter (~> 0.0.7)
  pry
  rake (~> 0.9.2.2)
  ruby_gntp
