GEM
  remote: http://rubygems.org/
  specs:
    diff-lcs (1.1.2)
    fastercsv (1.5.4)
    nokogiri (1.5.0.beta.4)
    nokogiri (1.5.0.beta.4-java)
    rspec (2.5.0)
      rspec-core (~> 2.5.0)
      rspec-expectations (~> 2.5.0)
      rspec-mocks (~> 2.5.0)
    rspec-core (2.5.1)
    rspec-expectations (2.5.0)
      diff-lcs (~> 1.1.2)
    rspec-mocks (2.5.0)

PLATFORMS
  java
  ruby

DEPENDENCIES
  fastercsv
  nokogiri (= 1.5.0.beta.4)
  rspec
