GEM
  remote: http://rubygems.org/
  specs:
    ZenTest (4.5.0)
    autotest (4.4.6)
      ZenTest (>= 4.4.1)
    autotest-growl (0.2.9)
    diff-lcs (1.1.2)
    fastercsv (1.5.4)
    nokogiri (1.5.0-java)
    rspec (2.5.0)
      rspec-core (~> 2.5.0)
      rspec-expectations (~> 2.5.0)
      rspec-mocks (~> 2.5.0)
    rspec-core (2.5.1)
    rspec-expectations (2.5.0)
      diff-lcs (~> 1.1.2)
    rspec-mocks (2.5.0)
    spork (0.9.0.rc4)

PLATFORMS
  java
  ruby

DEPENDENCIES
  autotest
  autotest-growl
  fastercsv
  nokogiri (>= 1.5.0)
  rspec
  spork (= 0.9.0.rc4)
